PATH
  remote: .
  specs:
    insulin (0.0.1)
      bson_ext
      mongo
      thor

GEM
  remote: https://rubygems.org/
  specs:
    bson (1.6.4)
    bson_ext (1.6.4)
      bson (~> 1.6.4)
    diff-lcs (1.1.3)
    mongo (1.6.4)
      bson (~> 1.6.4)
    rspec (2.10.0)
      rspec-core (~> 2.10.0)
      rspec-expectations (~> 2.10.0)
      rspec-mocks (~> 2.10.0)
    rspec-core (2.10.1)
    rspec-expectations (2.10.0)
      diff-lcs (~> 1.1.3)
    rspec-mocks (2.10.1)
    thor (0.15.3)

PLATFORMS
  ruby

DEPENDENCIES
  insulin!
  rspec (~> 2.6)
