GIT
  remote: git://github.com/prawnpdf/prawn.git
  revision: baa6e80b1a11efac91a0160dfab257744bbf9bde
  specs:
    prawn (1.0.0.rc1)
      pdf-reader (>= 0.9.0)
      ttfunk (~> 1.0.3)

PATH
  remote: .
  specs:
    insulin (0.1.7)
      bson_ext
      ffi
      mongo
      pony
      prawn (= 1.0.0.rc1)
      thor

GEM
  remote: https://rubygems.org/
  specs:
    Ascii85 (1.0.1)
    aruba (0.4.11)
      childprocess (>= 0.2.3)
      cucumber (>= 1.1.1)
      ffi (>= 1.0.11)
      rspec (>= 2.7.0)
    bson (1.6.4)
    bson_ext (1.6.4)
      bson (~> 1.6.4)
    builder (3.0.0)
    childprocess (0.3.3)
      ffi (~> 1.0.6)
    cucumber (1.2.1)
      builder (>= 2.1.2)
      diff-lcs (>= 1.1.3)
      gherkin (~> 2.11.0)
      json (>= 1.4.6)
    diff-lcs (1.1.3)
    ffi (1.0.11)
    gem-release (0.3.1)
    gherkin (2.11.1)
      json (>= 1.4.6)
    i18n (0.6.0)
    json (1.7.3)
    mail (2.4.4)
      i18n (>= 0.4.0)
      mime-types (~> 1.16)
      treetop (~> 1.4.8)
    mime-types (1.19)
    mongo (1.6.4)
      bson (~> 1.6.4)
    pdf-reader (1.1.1)
      Ascii85 (~> 1.0.0)
      ruby-rc4
    polyglot (0.3.3)
    pony (1.4)
      mail (> 2.0)
    rspec (2.10.0)
      rspec-core (~> 2.10.0)
      rspec-expectations (~> 2.10.0)
      rspec-mocks (~> 2.10.0)
    rspec-core (2.10.1)
    rspec-expectations (2.10.0)
      diff-lcs (~> 1.1.3)
    rspec-mocks (2.10.1)
    ruby-rc4 (0.1.5)
    thor (0.15.4)
    treetop (1.4.10)
      polyglot
      polyglot (>= 0.3.1)
    ttfunk (1.0.3)

PLATFORMS
  ruby

DEPENDENCIES
  aruba
  cucumber
  gem-release
  insulin!
  prawn!
  rspec (~> 2.6)
